GEM
  remote: https://rubygems.org/
  specs:
    ffi (1.12.2-x64-mingw32)
    listen (3.2.1)
      rb-fsevent (~> 0.10, >= 0.10.3)
      rb-inotify (~> 0.9, >= 0.9.10)
    rack (2.2.2)
    rb-fsevent (0.10.4)
    rb-inotify (0.10.1)
      ffi (~> 1.0)
    rerun (0.13.0)
      listen (~> 3.0)
    roda (3.32.0)
      rack

PLATFORMS
  x64-mingw32

DEPENDENCIES
  rerun
  roda

BUNDLED WITH
   2.1.4
